GEM
  remote: https://rubygems.org/
  specs:
    aggregate (0.2.2)
    coderay (1.1.0)
    faraday (0.9.0)
      multipart-post (>= 1.2, < 3)
    librato-metrics (1.3.0)
      aggregate (~> 0.2.2)
      faraday (~> 0.7)
      multi_json
    method_source (0.8.2)
    multi_json (1.9.2)
    multipart-post (2.0.0)
    nagios_analyzer (0.0.5)
    pry (0.9.12.6)
      coderay (~> 1.0)
      method_source (~> 0.8)
      slop (~> 3.4)
    require_all (1.3.2)
    slop (3.5.0)

PLATFORMS
  ruby

DEPENDENCIES
  librato-metrics
  nagios_analyzer
  pry
  require_all
